PATH
  remote: .
  specs:
    ooor-finders (0.1.6)
      ooor (>= 1.6.5)

GEM
  remote: http://rubygems.org/
  specs:
    activemodel (3.2.2)
      activesupport (= 3.2.2)
      builder (~> 3.0.0)
    activeresource (3.2.2)
      activemodel (= 3.2.2)
      activesupport (= 3.2.2)
    activesupport (3.2.2)
      i18n (~> 0.6)
      multi_json (~> 1.0)
    builder (3.0.0)
    i18n (0.6.0)
    multi_json (1.1.0)
    ooor (1.6.5)
      activeresource (>= 2.3.5)
    rake (0.9.2.2)

PLATFORMS
  ruby

DEPENDENCIES
  ooor-finders!
  rake
